GEM
  remote: https://rubygems.org/
  specs:
    rmagick (2.13.1)
    zipruby (0.3.6)

PLATFORMS
  ruby

DEPENDENCIES
  rmagick
  zipruby
